GEM
  remote: http://rubygems.org/
  specs:
    haml (3.0.13)
    nokogiri (1.4.3.1)
    rack (1.2.1)
    sass (3.1.0.alpha.12)
    sinatra (1.0)
      rack (>= 1.0)

PLATFORMS
  ruby

DEPENDENCIES
  haml
  nokogiri
  sass
  sinatra (= 1.0)
